GEM
  remote: https://rubygems.org/
  specs:
    rack (1.6.11)
    rack-protection (1.5.5)
      rack
    sinatra (1.3.5)
      rack (~> 1.4)
      rack-protection (~> 1.3)
      tilt (~> 1.3, >= 1.3.3)
    tilt (1.3.5)

PLATFORMS
  ruby

DEPENDENCIES
  sinatra
